PATH
  remote: .
  specs:
    fluent-plugin-oci-logging-analytics (2.0.8)
      fluentd (>= 0.14.10, < 2)
      oci (~> 2.16)
      prometheus-client (~> 4.0)
      rubyzip (~> 2.3.2)
      yajl-ruby (~> 1.4, >= 1.4.3)

GEM
  remote: https://rubygems.org/
  specs:
    base64 (0.3.0)
    circuitbox (2.0.0)
    concurrent-ruby (1.3.5)
    cool.io (1.9.0)
    csv (3.3.5)
    date (3.4.1)
    drb (2.2.3)
    event_stream_parser (1.0.0)
    fluentd (1.18.0)
      base64 (~> 0.2)
      bundler
      cool.io (>= 1.4.5, < 2.0.0)
      csv (~> 3.2)
      drb (~> 2.2)
      http_parser.rb (>= 0.5.1, < 0.9.0)
      logger (~> 1.6)
      msgpack (>= 1.3.1, < 2.0.0)
      serverengine (>= 2.3.2, < 3.0.0)
      sigdump (~> 0.2.5)
      strptime (>= 0.2.4, < 1.0.0)
      tzinfo (>= 1.0, < 3.0)
      tzinfo-data (~> 1.0)
      webrick (~> 1.4)
      yajl-ruby (~> 1.0)
    http_parser.rb (0.8.0)
    inifile (3.0.0)
    json (2.13.0)
    jwt (2.10.2)
      base64
    logger (1.7.0)
    msgpack (1.8.0)
    oci (2.22.0)
      circuitbox (~> 2.0.0)
      event_stream_parser (~> 1.0.0)
      inifile (~> 3.0, >= 3.0.0)
      json (>= 1.4.6, < 3.0.0)
      jwt (~> 2.1)
      psych (~> 5.0, >= 5.0.1)
    power_assert (2.0.5)
    prometheus-client (4.2.5)
      base64
    psych (5.2.6)
      date
      stringio
    rake (12.3.3)
    rubyzip (2.3.2)
    serverengine (2.4.0)
      base64 (~> 0.1)
      logger (~> 1.4)
      sigdump (~> 0.2.2)
    sigdump (0.2.5)
    stringio (3.1.7)
    strptime (0.2.5)
    test-unit (3.7.0)
      power_assert
    tzinfo (2.0.6)
      concurrent-ruby (~> 1.0)
    tzinfo-data (1.2025.2)
      tzinfo (>= 1.0.0)
    webrick (1.9.1)
    yajl-ruby (1.4.3)

PLATFORMS
  arm64-darwin-24
  ruby

DEPENDENCIES
  fluent-plugin-oci-logging-analytics!
  rake (~> 12.0)
  test-unit (~> 3.0)

BUNDLED WITH
   2.5.22
