PATH
  remote: .
  specs:
    fluent-plugin-oci-logging-analytics (2.0.6)
      fluentd (>= 0.14.10, < 2)
      oci (~> 2.16)
      prometheus-client (~> 4.0)
      rubyzip (~> 2.3.2)
      yajl-ruby (~> 1.4, >= 1.4.3)

GEM
  remote: https://rubygems.org/
  specs:
    base64 (0.2.0)
    concurrent-ruby (1.3.1)
    cool.io (1.8.1)
    csv (3.3.0)
    drb (2.2.1)
    event_stream_parser (1.0.0)
    fluentd (1.17.0)
      base64 (~> 0.2)
      bundler
      cool.io (>= 1.4.5, < 2.0.0)
      csv (~> 3.2)
      drb (~> 2.2)
      http_parser.rb (>= 0.5.1, < 0.9.0)
      msgpack (>= 1.3.1, < 2.0.0)
      serverengine (>= 2.3.2, < 3.0.0)
      sigdump (~> 0.2.5)
      strptime (>= 0.2.4, < 1.0.0)
      tzinfo (>= 1.0, < 3.0)
      tzinfo-data (~> 1.0)
      webrick (~> 1.4)
      yajl-ruby (~> 1.0)
    http_parser.rb (0.8.0)
    inifile (3.0.0)
    json (2.7.2)
    jwt (2.8.1)
      base64
    msgpack (1.7.2)
    oci (2.21.1)
      event_stream_parser (~> 1.0.0)
      inifile (~> 3.0, >= 3.0.0)
      json (>= 1.4.6, < 3.0.0)
      jwt (~> 2.1)
      psych (~> 5.0, >= 5.0.1)
    power_assert (2.0.3)
    prometheus-client (4.2.2)
    psych (5.1.2)
      stringio
    rake (12.3.3)
    rubyzip (2.3.2)
    serverengine (2.3.2)
      sigdump (~> 0.2.2)
    sigdump (0.2.5)
    stringio (3.1.0)
    strptime (0.2.5)
    test-unit (3.6.2)
      power_assert
    tzinfo (2.0.6)
      concurrent-ruby (~> 1.0)
    tzinfo-data (1.2024.1)
      tzinfo (>= 1.0.0)
    webrick (1.8.1)
    yajl-ruby (1.4.3)

PLATFORMS
  ruby

DEPENDENCIES
  fluent-plugin-oci-logging-analytics!
  rake (~> 12.0)
  test-unit (~> 3.0)
  tzinfo (~> 2.0.6)

BUNDLED WITH
   2.1.4
