PATH
  remote: .
  specs:
    fluent-plugin-oci-logging-analytics (2.0.8)
      fluentd (>= 0.14.10, < 2)
      oci (~> 2.16)
      prometheus-client (~> 4.0)
      rubyzip (~> 2.3.2)
      yajl-ruby (~> 1.4, >= 1.4.3)

GEM
  remote: https://rubygems.org/
  specs:
    async (2.24.0)
      console (~> 1.29)
      fiber-annotation
      io-event (~> 1.9)
      metrics (~> 0.12)
      traces (~> 0.15)
    async-http (0.90.1)
      async (>= 2.10.2)
      async-pool (~> 0.11)
      io-endpoint (~> 0.14)
      io-stream (~> 0.6)
      metrics (~> 0.12)
      protocol-http (~> 0.49)
      protocol-http1 (~> 0.30)
      protocol-http2 (~> 0.22)
      traces (~> 0.10)
    async-pool (0.11.0)
      async (>= 2.0)
    base64 (0.3.0)
    circuitbox (2.0.0)
    concurrent-ruby (1.3.5)
    console (1.33.0)
      fiber-annotation
      fiber-local (~> 1.1)
      json
    cool.io (1.9.0)
    csv (3.3.5)
    date (3.4.1)
    drb (2.2.3)
    event_stream_parser (1.0.0)
    fiber-annotation (0.2.0)
    fiber-local (1.1.0)
      fiber-storage
    fiber-storage (1.0.1)
    fluentd (1.19.0)
      async-http (~> 0.86)
      base64 (~> 0.2)
      bundler
      cool.io (>= 1.4.5, < 2.0.0)
      csv (~> 3.2)
      drb (~> 2.2)
      http_parser.rb (>= 0.5.1, < 0.9.0)
      io-event (< 1.11.0)
      io-stream (< 0.8.0)
      logger (~> 1.6)
      msgpack (>= 1.3.1, < 2.0.0)
      serverengine (>= 2.3.2, < 3.0.0)
      sigdump (~> 0.2.5)
      strptime (>= 0.2.4, < 1.0.0)
      tzinfo (>= 1.0, < 3.0)
      tzinfo-data (~> 1.0)
      uri (~> 1.0)
      webrick (~> 1.4)
      yajl-ruby (~> 1.0)
      zstd-ruby (~> 1.5)
    http_parser.rb (0.8.0)
    inifile (3.0.0)
    io-endpoint (0.15.2)
    io-event (1.10.2)
    io-stream (0.7.0)
    json (2.13.2)
    jwt (2.10.2)
      base64
    logger (1.7.0)
    metrics (0.13.0)
    msgpack (1.8.0)
    oci (2.22.0)
      circuitbox (~> 2.0.0)
      event_stream_parser (~> 1.0.0)
      inifile (~> 3.0, >= 3.0.0)
      json (>= 1.4.6, < 3.0.0)
      jwt (~> 2.1)
      psych (~> 5.0, >= 5.0.1)
    power_assert (2.0.5)
    prometheus-client (4.2.5)
      base64
    protocol-hpack (1.5.1)
    protocol-http (0.51.1)
    protocol-http1 (0.34.1)
      protocol-http (~> 0.22)
    protocol-http2 (0.22.1)
      protocol-hpack (~> 1.4)
      protocol-http (~> 0.47)
    psych (5.2.6)
      date
      stringio
    rake (12.3.3)
    rubyzip (2.3.2)
    serverengine (2.4.0)
      base64 (~> 0.1)
      logger (~> 1.4)
      sigdump (~> 0.2.2)
    sigdump (0.2.5)
    stringio (3.1.7)
    strptime (0.2.5)
    test-unit (3.7.0)
      power_assert
    traces (0.16.2)
    tzinfo (2.0.6)
      concurrent-ruby (~> 1.0)
    tzinfo-data (1.2025.2)
      tzinfo (>= 1.0.0)
    uri (1.0.3)
    webrick (1.9.1)
    yajl-ruby (1.4.3)
    zstd-ruby (1.5.7.0)

PLATFORMS
  arm64-darwin-24
  ruby

DEPENDENCIES
  fluent-plugin-oci-logging-analytics!
  rake (~> 12.0)
  test-unit (~> 3.0)

BUNDLED WITH
   2.5.22
